GIT
  remote: https://github.com/pakyow/pakyow.git
  revision: 996e13bd3e1497d034f88c64385657a99bd5fa25
  glob: **/*.gemspec
  specs:
    pakyow-core (2.0.0)
      async (~> 1.26)
      async-http (~> 0.52.5)
      async-io (~> 1.30)
      bundler (~> 2.1)
      console (~> 1.9)
      dry-types (~> 1.4)
      method_source (~> 1.0)
      mini_mime (~> 1.0)
      multipart-parser (~> 0.1.1)
      pakyow-support (= 2.0.0)
      process-group (~> 1.2)
      rake (~> 13.0)
      tty-command (~> 0.9)
    pakyow-routing (2.0.0)
      pakyow-core (= 2.0.0)
      pakyow-support (= 2.0.0)
    pakyow-support (2.0.0)
      concurrent-ruby (~> 1.1)
      dry-inflector (~> 0.2.0)
      pastel (~> 0.7.4)
      tty-command (~> 0.9.0)
      tty-spinner (~> 0.9.3)

GEM
  remote: https://rubygems.org/
  specs:
    async (1.26.2)
      console (~> 1.0)
      nio4r (~> 2.3)
      timers (~> 4.1)
    async-http (0.52.5)
      async (~> 1.25)
      async-io (~> 1.28)
      async-pool (~> 0.2)
      protocol-http (~> 0.20.0)
      protocol-http1 (~> 0.13.0)
      protocol-http2 (~> 0.14.0)
    async-io (1.30.1)
      async (~> 1.14)
    async-pool (0.3.2)
      async (~> 1.25)
    bootsnap (1.4.8)
      msgpack (~> 1.0)
    concurrent-ruby (1.1.7)
    console (1.9.1)
    dotenv (2.7.6)
    dry-configurable (0.11.6)
      concurrent-ruby (~> 1.0)
      dry-core (~> 0.4, >= 0.4.7)
      dry-equalizer (~> 0.2)
    dry-container (0.7.2)
      concurrent-ruby (~> 1.0)
      dry-configurable (~> 0.1, >= 0.1.3)
    dry-core (0.4.9)
      concurrent-ruby (~> 1.0)
    dry-equalizer (0.3.0)
    dry-inflector (0.2.0)
    dry-logic (1.0.8)
      concurrent-ruby (~> 1.0)
      dry-core (~> 0.2)
      dry-equalizer (~> 0.2)
    dry-types (1.4.0)
      concurrent-ruby (~> 1.0)
      dry-container (~> 0.3)
      dry-core (~> 0.4, >= 0.4.4)
      dry-equalizer (~> 0.3)
      dry-inflector (~> 0.1, >= 0.1.2)
      dry-logic (~> 1.0, >= 1.0.2)
    equatable (0.6.1)
    ffi (1.13.1)
    httparty (0.18.1)
      mime-types (~> 3.0)
      multi_xml (>= 0.5.2)
    method_source (1.0.0)
    mime-types (3.3.1)
      mime-types-data (~> 3.2015)
    mime-types-data (3.2020.0512)
    mini_mime (1.0.2)
    msgpack (1.3.3)
    multi_xml (0.6.0)
    multipart-parser (0.1.1)
    nio4r (2.5.4)
    pastel (0.7.4)
      equatable (~> 0.6)
      tty-color (~> 0.5)
    process-group (1.2.3)
      process-terminal (~> 0.2.0)
    process-terminal (0.2.0)
      ffi
    protocol-hpack (1.4.2)
    protocol-http (0.20.1)
    protocol-http1 (0.13.1)
      protocol-http (~> 0.19)
    protocol-http2 (0.14.1)
      protocol-hpack (~> 1.4)
      protocol-http (~> 0.18)
    rake (13.0.1)
    sqlite3 (1.4.2)
    timers (4.3.2)
    tty-color (0.5.2)
    tty-command (0.9.0)
      pastel (~> 0.7.0)
    tty-cursor (0.7.1)
    tty-spinner (0.9.3)
      tty-cursor (~> 0.7)

PLATFORMS
  ruby

DEPENDENCIES
  bootsnap
  dotenv
  httparty
  pakyow-core!
  pakyow-routing!
  pakyow-support!
  sqlite3

RUBY VERSION
   ruby 2.6.2p47

BUNDLED WITH
   2.1.2
